GIT
  remote: https://github.com/adambeynon/opal-router.git
  revision: bc8c242510794ecbb842b52423732f2ec55c2a1e
  specs:
    opal-router (0.0.1)
      opal (>= 0.3.44)

GEM
  remote: https://rubygems.org/
  specs:
    backports (3.9.1)
    concurrent-ruby (1.0.5)
    daemons (1.2.4)
    eventmachine (1.2.5)
    ffi (1.9.18)
    haml (5.0.3)
      temple (>= 0.8.0)
      tilt
    hike (1.2.3)
    hyalite (0.2.5)
      opal
    multi_json (1.12.2)
    mustermann (1.0.1)
    opal (0.10.5)
      hike (~> 1.2)
      sourcemap (~> 0.1.0)
      sprockets (~> 3.1)
      tilt (>= 1.4)
    opal-browser (0.2.0)
      opal
      paggio
    opal-haml (0.4.4)
      haml
      opal (~> 0.10.0)
    paggio (0.2.6)
    rack (2.0.3)
    rack-protection (2.0.0)
      rack
    rake (12.1.0)
    rb-fsevent (0.10.2)
    rb-inotify (0.9.10)
      ffi (>= 0.5.0, < 2)
    sass (3.5.2)
      sass-listen (~> 4.0.0)
    sass-listen (4.0.0)
      rb-fsevent (~> 0.9, >= 0.9.4)
      rb-inotify (~> 0.9, >= 0.9.7)
    sinatra (2.0.0)
      mustermann (~> 1.0)
      rack (~> 2.0)
      rack-protection (= 2.0.0)
      tilt (~> 2.0)
    sinatra-contrib (2.0.0)
      backports (>= 2.0)
      multi_json
      mustermann (~> 1.0)
      rack-protection (= 2.0.0)
      sinatra (= 2.0.0)
      tilt (>= 1.3, < 3)
    sourcemap (0.1.1)
    sprockets (3.7.1)
      concurrent-ruby (~> 1.0)
      rack (> 1, < 3)
    temple (0.8.0)
    thin (1.7.2)
      daemons (~> 1.0, >= 1.0.9)
      eventmachine (~> 1.0, >= 1.0.4)
      rack (>= 1, < 3)
    tilt (2.0.8)

PLATFORMS
  ruby

DEPENDENCIES
  haml
  hyalite
  opal-browser
  opal-haml
  opal-router!
  rake
  sass
  sinatra
  sinatra-contrib
  thin

BUNDLED WITH
   1.15.4
