GIT
  remote: https://github.com/adambeynon/opal-router.git
  revision: bc8c242510794ecbb842b52423732f2ec55c2a1e
  specs:
    opal-router (0.0.1)
      opal (>= 0.3.44)

GIT
  remote: https://github.com/opal/opal-haml.git
  revision: bf174e036997b2f9bc10402da78e110aba404bed
  specs:
    opal-haml (0.4.4)
      haml
      opal (~> 0.10, < 0.12)
      opal-sprockets (~> 0.4.1)

GIT
  remote: https://github.com/youchan/hyalite.git
  revision: 0214c010a6d54095bc2c91739ffbf14fdf8168db
  specs:
    hyalite (0.2.1)
      opal

GEM
  remote: https://rubygems.org/
  specs:
    concurrent-ruby (1.0.5)
    haml (5.0.3)
      temple (>= 0.8.0)
      tilt
    hike (1.2.3)
    opal (0.10.5)
      hike (~> 1.2)
      sourcemap (~> 0.1.0)
      sprockets (~> 3.1)
      tilt (>= 1.4)
    opal-browser (0.2.0)
      opal
      paggio
    opal-sprockets (0.4.1.0.10.4.3.1.0)
      opal (~> 0.10.4)
      sprockets (~> 3.1)
      tilt (>= 1.4)
    paggio (0.2.6)
    rack (2.0.3)
    sourcemap (0.1.1)
    sprockets (3.7.1)
      concurrent-ruby (~> 1.0)
      rack (> 1, < 3)
    temple (0.8.0)
    tilt (2.0.8)

PLATFORMS
  ruby

DEPENDENCIES
  hyalite!
  opal-browser
  opal-haml!
  opal-router!

BUNDLED WITH
   1.15.4
